GEM
  remote: https://rubygems.org/
  specs:
    ruby2d (0.9.2)

PLATFORMS
  x64-mingw32

DEPENDENCIES
  ruby2d (~> 0.9.2)

BUNDLED WITH
   2.0.2
