GEM
  remote: https://rubygems.org/
  specs:
    byebug (11.0.1)
    minitest (5.13.0)
    ruby2d (0.9.2)

PLATFORMS
  ruby
  x64-mingw32

DEPENDENCIES
  byebug
  minitest
  ruby2d (~> 0.9.2)

BUNDLED WITH
   2.0.2
